GEM
  remote: https://rubygems.org/
  specs:
    pg (1.2.3)
    sqlite3 (1.4.2)
    sqlite3-ruby (1.3.3)
      sqlite3 (>= 1.3.3)

PLATFORMS
  aarch64-linux

DEPENDENCIES
  pg
  sqlite3-ruby

BUNDLED WITH
   2.2.32
